PATH
  remote: jekyll-fake
  specs:
    jekyll-fake (0.0.1)

GEM
  remote: https://rubygems.org/
  specs:

PLATFORMS
  arm64-darwin-23
  arm64-darwin-24
  x86_64-darwin-20
  x86_64-darwin-21
  x86_64-linux

DEPENDENCIES
  jekyll-fake!

BUNDLED WITH
   2.4.19
